PATH
  remote: .
  specs:
    smiley (0.0.1)

GEM
  remote: https://rubygems.org/
  specs:
    diff-lcs (1.2.1)
    rake (10.0.4)
    rspec (2.13.0)
      rspec-core (~> 2.13.0)
      rspec-expectations (~> 2.13.0)
      rspec-mocks (~> 2.13.0)
    rspec-core (2.13.1)
    rspec-expectations (2.13.0)
      diff-lcs (>= 1.1.3, < 2.0)
    rspec-mocks (2.13.0)

PLATFORMS
  java
  ruby

DEPENDENCIES
  rake (~> 10.0)
  rspec (~> 2.13.0)
  smiley!
