PATH
  remote: .
  specs:
    smiley (0.1.0)

GEM
  remote: https://rubygems.org/
  specs:
    diff-lcs (1.2.5)
    rake (10.1.1)
    rspec (2.14.1)
      rspec-core (~> 2.14.0)
      rspec-expectations (~> 2.14.0)
      rspec-mocks (~> 2.14.0)
    rspec-core (2.14.8)
    rspec-expectations (2.14.5)
      diff-lcs (>= 1.1.3, < 2.0)
    rspec-mocks (2.14.6)

PLATFORMS
  java
  ruby

DEPENDENCIES
  rake (~> 10.0)
  rspec (~> 2.13)
  smiley!
